GEM
  remote: https://rubygems.org/
  specs:
    artii (2.0.4)
    colored (1.2)
    highline (1.6.21)
    win32console (1.3.2)

PLATFORMS
  x64-mingw32

DEPENDENCIES
  artii
  colored
  highline
  win32console

BUNDLED WITH
   1.10.5
